GEM
  remote: https://rubygems.org/
  specs:
    diff-lcs (1.2.3)
    net-ssh (2.6.7)
    rake (10.0.4)
    rspec (2.13.0)
      rspec-core (~> 2.13.0)
      rspec-expectations (~> 2.13.0)
      rspec-mocks (~> 2.13.0)
    rspec-core (2.13.1)
    rspec-expectations (2.13.0)
      diff-lcs (>= 1.1.3, < 2.0)
    rspec-mocks (2.13.1)
    serverspec (0.2.6)
      net-ssh
      rspec

PLATFORMS
  ruby

DEPENDENCIES
  rake
  rspec
  serverspec
